GEM
  remote: https://rubygems.org/
  specs:
    albacore (0.3.5)
      rubyzip
    mini_portile (0.5.1)
    nokogiri (1.6.0-x86-mingw32)
      mini_portile (~> 0.5.0)
    rake (10.1.0)
    rubyzip (0.9.9)

PLATFORMS
  x86-mingw32

DEPENDENCIES
  albacore
  nokogiri
  rake
  rubyzip (~> 0.9.9)
